GIT
  remote: git://github.com/bcardarella/client_side_validations.git
  revision: 9461cb92e1dfb64895d590c6d435cdf48fcede45
  branch: 4-0-beta
  specs:
    client_side_validations (3.2.2)

GIT
  remote: git://github.com/rails/activerecord-session_store.git
  revision: 022d45b4ae9b7e862ee92ea8871c9bf4c2d93106
  specs:
    activerecord-session_store (0.0.1)
      actionpack (>= 4.0.0.beta, < 5)
      activerecord (>= 4.0.0.beta, < 5)
      railties (>= 4.0.0.beta, < 5)

GIT
  remote: git://github.com/saveritemedical/client_side_validations-simple_form.git
  revision: b97c938be745de1134169026425aa0c990b8b072
  specs:
    client_side_validations-simple_form (2.1.0)
      client_side_validations (~> 3.2.1)
      simple_form (>= 2.1.0, < 4.0)

GIT
  remote: git@github.com:fiyahdamage/acts_as_follower_plus.git
  revision: 95f81438d997ba007b71f9c2cb503d779b198fe7
  specs:
    acts_as_follower_plus (0.0.3)

GEM
  remote: https://rubygems.org/
  specs:
    actionmailer (4.0.0)
      actionpack (= 4.0.0)
      mail (~> 2.5.3)
    actionpack (4.0.0)
      activesupport (= 4.0.0)
      builder (~> 3.1.0)
      erubis (~> 2.7.0)
      rack (~> 1.5.2)
      rack-test (~> 0.6.2)
    activemodel (4.0.0)
      activesupport (= 4.0.0)
      builder (~> 3.1.0)
    activerecord (4.0.0)
      activemodel (= 4.0.0)
      activerecord-deprecated_finders (~> 1.0.2)
      activesupport (= 4.0.0)
      arel (~> 4.0.0)
    activerecord-deprecated_finders (1.0.3)
    activesupport (4.0.0)
      i18n (~> 0.6, >= 0.6.4)
      minitest (~> 4.2)
      multi_json (~> 1.3)
      thread_safe (~> 0.1)
      tzinfo (~> 0.3.37)
    acts_as_follower (0.2.0)
    annotate (2.5.0)
      rake
    arel (4.0.0)
    atomic (1.1.14)
    attr_required (0.0.5)
    auto_html (1.6.0)
      redcarpet (~> 2.0)
      rinku (~> 1.5.0)
    bcrypt-ruby (3.1.2-x86-mingw32)
    bootstrap-sass-rails (3.0.0.3)
      railties (>= 3.1.0)
      sass-rails (>= 3.1.0)
    bootstrap-will_paginate (0.0.10)
      will_paginate
    builder (3.1.4)
    capybara (2.1.0)
      mime-types (>= 1.16)
      nokogiri (>= 1.3.3)
      rack (>= 1.0.0)
      rack-test (>= 0.5.4)
      xpath (~> 2.0)
    childprocess (0.3.9)
      ffi (~> 1.0, >= 1.0.11)
    climate_control (0.0.3)
      activesupport (>= 3.0)
    cocaine (0.5.1)
      climate_control (>= 0.0.3, < 1.0)
    coderay (1.0.9)
    coffee-rails (4.0.0)
      coffee-script (>= 2.2.0)
      railties (>= 4.0.0.beta, < 5.0)
    coffee-script (2.2.0)
      coffee-script-source
      execjs
    coffee-script-source (1.6.3)
    country_select (1.2.0)
    daemons (1.1.9)
    devise (3.1.0)
      bcrypt-ruby (~> 3.0)
      orm_adapter (~> 0.1)
      railties (>= 3.2.6, < 5)
      thread_safe (~> 0.1)
      warden (~> 1.2.3)
    diff-lcs (1.2.4)
    em-websocket (0.5.0)
      eventmachine (>= 0.12.9)
      http_parser.rb (~> 0.5.3)
    erubis (2.7.0)
    eventmachine (1.0.3-x86-mingw32)
    execjs (2.0.1)
    factory_girl (4.2.0)
      activesupport (>= 3.0.0)
    factory_girl_rails (4.2.1)
      factory_girl (~> 4.2.0)
      railties (>= 3.0.0)
    faker (1.2.0)
      i18n (~> 0.5)
    faraday (0.8.8)
      multipart-post (~> 1.2.0)
    fb_graph (2.7.8)
      httpclient (>= 2.2.0.2)
      multi_json (>= 1.3)
      rack-oauth2 (>= 0.14.4)
      tzinfo
    ffi (1.9.0-x86-mingw32)
    font-awesome-rails (3.2.1.3)
      railties (>= 3.2, < 5.0)
    forgery (0.5.0)
    formatador (0.2.4)
    friendly_id (5.0.0.rc1)
      activerecord (~> 4.0.0)
    guard (1.8.3)
      formatador (>= 0.2.4)
      listen (~> 1.3)
      lumberjack (>= 1.0.2)
      pry (>= 0.9.10)
      thor (>= 0.14.6)
    guard-livereload (1.4.0)
      em-websocket (>= 0.5.0)
      guard (>= 1.8.0)
      multi_json (~> 1.7)
    guard-rspec (3.1.0)
      guard (>= 1.8)
      rspec (~> 2.13)
    guard-spork (1.5.1)
      childprocess (>= 0.2.3)
      guard (>= 1.1)
      spork (>= 0.8.4)
    hashie (2.0.5)
    hike (1.2.3)
    http_parser.rb (0.5.3-x86-mingw32)
    httpauth (0.2.0)
    httpclient (2.3.4.1)
    i18n (0.6.5)
    jquery-rails (3.0.4)
      railties (>= 3.0, < 5.0)
      thor (>= 0.14, < 2.0)
    jquery-turbolinks (2.0.1)
      railties (>= 3.1.0)
      turbolinks
    jwt (0.1.8)
      multi_json (>= 1.5)
    listen (1.3.1)
      rb-fsevent (>= 0.9.3)
      rb-inotify (>= 0.9)
      rb-kqueue (>= 0.2)
    lumberjack (1.0.4)
    mail (2.5.4)
      mime-types (~> 1.16)
      treetop (~> 1.4.8)
    metamagic (2.0.5)
    method_source (0.8.2)
    mime-types (1.25)
    mini_magick (3.5.0)
      subexec (~> 0.2.1)
    mini_portile (0.5.1)
    minitest (4.7.5)
    multi_json (1.8.0)
    multipart-post (1.2.0)
    nokogiri (1.6.0-x86-mingw32)
      mini_portile (~> 0.5.0)
    oauth2 (0.8.1)
      faraday (~> 0.8)
      httpauth (~> 0.1)
      jwt (~> 0.1.4)
      multi_json (~> 1.0)
      rack (~> 1.2)
    omniauth (1.1.4)
      hashie (>= 1.2, < 3)
      rack
    omniauth-facebook (1.4.1)
      omniauth-oauth2 (~> 1.1.0)
    omniauth-oauth2 (1.1.1)
      oauth2 (~> 0.8.0)
      omniauth (~> 1.0)
    orm_adapter (0.4.0)
    paperclip (3.5.1)
      activemodel (>= 3.0.0)
      activesupport (>= 3.0.0)
      cocaine (~> 0.5.0)
      mime-types
    pg (0.17.0-x86-mingw32)
    pg_search (0.7.0)
      activerecord (>= 3.1)
      activesupport (>= 3.1)
      arel
    polyglot (0.3.3)
    preferences (0.4.2)
    pry (0.9.12.2-x86-mingw32)
      coderay (~> 1.0.5)
      method_source (~> 0.8)
      slop (~> 3.4)
      win32console (~> 1.3)
    rack (1.5.2)
    rack-oauth2 (1.0.5)
      activesupport (>= 2.3)
      attr_required (>= 0.0.5)
      httpclient (>= 2.2.0.2)
      multi_json (>= 1.3.6)
      rack (>= 1.1)
    rack-test (0.6.2)
      rack (>= 1.0)
    rails (4.0.0)
      actionmailer (= 4.0.0)
      actionpack (= 4.0.0)
      activerecord (= 4.0.0)
      activesupport (= 4.0.0)
      bundler (>= 1.3.0, < 2.0)
      railties (= 4.0.0)
      sprockets-rails (~> 2.0.0)
    rails-settings-cached (0.3.1)
      rails (>= 4.0.0.beta1)
    railties (4.0.0)
      actionpack (= 4.0.0)
      activesupport (= 4.0.0)
      rake (>= 0.8.7)
      thor (>= 0.18.1, < 2.0)
    rake (10.1.0)
    rb-fchange (0.0.6)
      ffi
    rb-fsevent (0.9.3)
    rb-inotify (0.9.2)
      ffi (>= 0.5.0)
    rb-kqueue (0.2.0)
      ffi (>= 0.5.0)
    rb-notifu (0.0.4)
    redcarpet (2.3.0)
    rinku (1.5.1)
    rspec (2.14.1)
      rspec-core (~> 2.14.0)
      rspec-expectations (~> 2.14.0)
      rspec-mocks (~> 2.14.0)
    rspec-core (2.14.5)
    rspec-expectations (2.14.3)
      diff-lcs (>= 1.1.3, < 2.0)
    rspec-mocks (2.14.3)
    rspec-rails (2.14.0)
      actionpack (>= 3.0)
      activesupport (>= 3.0)
      railties (>= 3.0)
      rspec-core (~> 2.14.0)
      rspec-expectations (~> 2.14.0)
      rspec-mocks (~> 2.14.0)
    rubyzip (0.9.9)
    sass (3.2.10)
    sass-rails (4.0.0)
      railties (>= 4.0.0.beta, < 5.0)
      sass (>= 3.1.10)
      sprockets-rails (~> 2.0.0)
    selenium-webdriver (2.35.1)
      childprocess (>= 0.2.5)
      multi_json (~> 1.0)
      rubyzip (< 1.0.0)
      websocket (~> 1.0.4)
    simple_form (3.0.0)
      actionpack (>= 4.0.0, < 4.1)
      activemodel (>= 4.0.0, < 4.1)
    slop (3.4.6)
    spork (0.9.2)
    sprockets (2.10.0)
      hike (~> 1.2)
      multi_json (~> 1.0)
      rack (~> 1.0)
      tilt (~> 1.1, != 1.3.0)
    sprockets-rails (2.0.0)
      actionpack (>= 3.0)
      activesupport (>= 3.0)
      sprockets (~> 2.8)
    sqlite3 (1.3.8-x86-mingw32)
    statistics2 (0.54)
    subexec (0.2.3)
    thin (1.5.1)
      daemons (>= 1.0.9)
      eventmachine (>= 0.12.6)
      rack (>= 1.0.0)
    thor (0.18.1)
    thread_safe (0.1.3)
      atomic
    thumbs_up (0.6.7)
      activerecord
      statistics2
    tilt (1.4.1)
    treetop (1.4.15)
      polyglot
      polyglot (>= 0.3.1)
    turbolinks (1.3.0)
      coffee-rails
    tzinfo (0.3.37)
    uglifier (2.2.1)
      execjs (>= 0.3.0)
      multi_json (~> 1.0, >= 1.0.2)
    warden (1.2.3)
      rack (>= 1.0)
    wdm (0.0.3)
    websocket (1.0.7)
    will_paginate (3.0.5)
    win32console (1.3.2-x86-mingw32)
    xpath (2.0.0)
      nokogiri (~> 1.3)

PLATFORMS
  x86-mingw32

DEPENDENCIES
  activerecord-session_store!
  acts_as_follower
  acts_as_follower_plus!
  annotate
  auto_html
  bootstrap-sass-rails
  bootstrap-will_paginate
  capybara
  client_side_validations!
  client_side_validations-simple_form!
  coffee-rails (>= 4.0.0)
  country_select
  devise (>= 3.1.0)
  factory_girl_rails
  faker
  fb_graph
  font-awesome-rails
  forgery
  friendly_id (>= 5.0.0.beta4)
  guard-livereload
  guard-rspec
  guard-spork
  jquery-rails
  jquery-turbolinks
  metamagic
  mini_magick (= 3.5.0)
  nokogiri
  omniauth
  omniauth-facebook
  paperclip
  pg
  pg_search
  preferences
  rails (>= 4.0.0)
  rails-settings-cached (= 0.3.1)
  rb-fchange
  rb-notifu
  rspec-rails
  sass-rails (>= 4.0.0)
  selenium-webdriver
  simple_form (>= 3.0.0.rc)
  spork
  sqlite3
  thin
  thumbs_up
  turbolinks
  uglifier (>= 1.3.0)
  wdm (~> 0.0.3)
  will_paginate
  win32console
